PATH
  remote: .
  specs:
    campaign_monitor_subscriber (0.7.0)
      createsend (>= 1.0.4)

GEM
  remote: http://rubygems.org/
  specs:
    active_support (3.0.0)
      activesupport (= 3.0.0)
    activesupport (3.0.0)
    createsend (1.0.4)
      hashie (~> 1.0)
      httparty (~> 0.8)
      json
    hashie (1.2.0)
    httparty (0.8.3)
      multi_json (~> 1.0)
      multi_xml
    json (1.7.3)
    multi_json (1.3.6)
    multi_xml (0.5.1)

PLATFORMS
  ruby

DEPENDENCIES
  active_support (>= 3.0.0)
  campaign_monitor_subscriber!
